GEM
  remote: https://rubygems.org/
  specs:
    csv (3.3.5)

PLATFORMS
  ruby
  x86_64-darwin-24

DEPENDENCIES
  csv

BUNDLED WITH
   2.6.9
